GEM
  remote: https://rubygems.org/
  specs:
    bson (4.3.0)
    bson_ext (1.5.1)
    json-stream (0.2.1)
    mongo (2.5.1)
      bson (>= 4.3.0, < 5.0.0)
    yajl-ruby (1.3.1)

PLATFORMS
  ruby

DEPENDENCIES
  bson_ext
  json-stream
  mongo (~> 2.4)
  yajl-ruby

BUNDLED WITH
   1.16.1
